PATH
  remote: .
  specs:
    resque (1.13.0)
      json (~> 1.4.6)
      redis-namespace (>= 0.10.0)
      sinatra (>= 0.9.2)
      vegas (~> 0.1.2)

GEM
  remote: http://rubygems.org/
  specs:
    json (1.4.6)
    mustermann (1.1.1)
      ruby2_keywords (~> 0.0.1)
    rack (2.2.3)
    rack-protection (2.1.0)
      rack
    rack-test (0.5.7)
      rack (>= 1.0)
    redis (2.1.1)
    redis-namespace (0.10.0)
      redis (< 3.0.0)
    ruby2_keywords (0.0.2)
    sinatra (2.1.0)
      mustermann (~> 1.0)
      rack (~> 2.2)
      rack-protection (= 2.1.0)
      tilt (~> 2.0)
    tilt (2.0.10)
    vegas (0.1.8)
      rack (>= 1.0.0)

PLATFORMS
  ruby

DEPENDENCIES
  rack-test (~> 0.5)
  resque!
