PATH
  remote: .
  specs:
    resque (1.13.0)
      json (>= 1.4.6, < 2.4.0)
      redis-namespace (>= 0.10.0)
      sinatra (>= 0.9.2)
      vegas (~> 0.1.2)

GEM
  remote: http://rubygems.org/
  specs:
    backports (3.18.2)
    json (2.3.1)
    rack (1.2.2)
    rack-test (0.5.7)
      rack (>= 1.0)
    redis (4.2.2)
    redis-namespace (1.8.0)
      redis (>= 3.0.4)
    sinatra (1.2.9)
      backports
      rack (~> 1.1, < 1.5)
      tilt (>= 1.2.2, < 2.0)
    tilt (1.4.1)
    vegas (0.1.11)
      rack (>= 1.0.0)

PLATFORMS
  ruby

DEPENDENCIES
  rack-test (~> 0.5)
  resque!
